GEM
  remote: https://rubygems.org/
  specs:
    adsf (1.1.1)
      rack (>= 1.0.0)
    bourbon (3.1.6)
      sass (>= 3.2.0)
      thor
    coffee-script (2.2.0)
      coffee-script-source
      execjs
    coffee-script-source (1.6.2)
    colored (1.2)
    cri (2.3.0)
      colored (>= 1.2)
    execjs (1.4.0)
      multi_json (~> 1.0)
    guard-nanoc (1.0.0)
    haml (4.0.2)
      tilt
    mime-types (1.23)
    multi_json (1.7.3)
    nanoc (3.6.3)
      cri (~> 2.3)
    nokogiri (1.5.9)
    rack (1.5.2)
    redcarpet (2.2.2)
    sass (3.2.9)
    thor (0.18.1)
    tilt (1.4.1)

PLATFORMS
  ruby

DEPENDENCIES
  adsf
  bourbon
  coffee-script
  guard-nanoc
  haml
  mime-types
  nanoc
  nokogiri
  redcarpet
